GEM
  remote: http://rubygems.org/
  specs:
    addressable (2.3.5)
    backports (3.3.5)
    coderay (1.0.9)
    dotenv (0.9.0)
    faraday (0.8.8)
      multipart-post (~> 1.2.0)
    github_api (0.10.1)
      addressable
      faraday (~> 0.8.1)
      hashie (>= 1.2)
      multi_json (~> 1.4)
      nokogiri (~> 1.5.2)
      oauth2
    hashie (2.0.5)
    httpauth (0.2.0)
    json (1.8.1)
    jwt (0.1.8)
      multi_json (>= 1.5)
    method_source (0.8.2)
    mime-types (2.0)
    multi_json (1.8.2)
    multi_xml (0.5.5)
    multipart-post (1.2.0)
    nokogiri (1.5.10)
    oauth2 (0.9.2)
      faraday (~> 0.8)
      httpauth (~> 0.2)
      jwt (~> 0.1.4)
      multi_json (~> 1.0)
      multi_xml (~> 0.5)
      rack (~> 1.2)
    octokit (2.5.1)
      sawyer (~> 0.5.1)
    pry (0.9.12.2)
      coderay (~> 1.0.5)
      method_source (~> 0.8)
      slop (~> 3.4)
    rack (1.5.2)
    rack-protection (1.5.1)
      rack
    rack-test (0.6.2)
      rack (>= 1.0)
    rest-client (1.6.7)
      mime-types (>= 1.16)
    sawyer (0.5.1)
      addressable (~> 2.3.5)
      faraday (~> 0.8, < 0.10)
    sinatra (1.4.4)
      rack (~> 1.4)
      rack-protection (~> 1.4)
      tilt (~> 1.3, >= 1.3.4)
    sinatra-contrib (1.4.1)
      backports (>= 2.0)
      multi_json
      rack-protection
      rack-test
      sinatra (~> 1.4.0)
      tilt (~> 1.3)
    sinatra-reloader (1.0)
      sinatra-contrib
    sinatra_auth_github (1.0.0)
      sinatra (~> 1.0)
      warden-github (~> 1.0)
    slop (3.4.6)
    tilt (1.4.1)
    warden (1.2.3)
      rack (>= 1.0)
    warden-github (1.0.0)
      octokit (> 2.1.0)
      warden (> 1.0)

PLATFORMS
  ruby

DEPENDENCIES
  dotenv
  github_api
  json
  octokit
  pry
  rest-client
  sinatra
  sinatra-reloader
  sinatra_auth_github
